GEM
  remote: http://rubygems.org/
  specs:
    colorize (0.7.5)
    json (1.8.1)

PLATFORMS
  ruby

DEPENDENCIES
  colorize
  json
